GEM
  remote: https://rubygems.org/
  specs:
    activemodel (4.0.0.rc1)
      activesupport (= 4.0.0.rc1)
      builder (~> 3.1.0)
    activesupport (4.0.0.rc1)
      i18n (~> 0.6, >= 0.6.4)
      minitest (~> 4.2)
      multi_json (~> 1.3)
      thread_safe (~> 0.1)
      tzinfo (~> 0.3.37)
    addressable (2.3.4)
    ansi (1.4.3)
    atomic (1.1.9)
    builder (3.1.4)
    crack (0.3.2)
    git (1.2.5)
    i18n (0.6.4)
    jeweler (1.6.4)
      bundler (~> 1.0)
      git (>= 1.2.5)
      rake
    json (1.8.0)
    mime-types (1.23)
    minitest (4.7.4)
    multi_json (1.7.4)
    rake (10.0.4)
    reek (1.2.13)
      ripper_ruby_parser (~> 0.0.7)
      ruby2ruby (~> 1.2.5)
      ruby_parser (~> 2.0)
      sexp_processor (~> 3.0)
    rest-client (1.6.7)
      mime-types (>= 1.16)
    ripper_ruby_parser (0.0.8)
      sexp_processor (~> 3.0)
    ruby2ruby (1.2.5)
      ruby_parser (~> 2.0)
      sexp_processor (~> 3.0)
    ruby_parser (2.3.1)
      sexp_processor (~> 3.0)
    sexp_processor (3.2.0)
    thread_safe (0.1.0)
      atomic
    turn (0.9.6)
      ansi
    tzinfo (0.3.37)
    vcr (2.5.0)
    webmock (1.11.0)
      addressable (>= 2.2.7)
      crack (>= 0.3.2)

PLATFORMS
  ruby

DEPENDENCIES
  activemodel (= 4.0.0.rc1)
  activesupport (= 4.0.0.rc1)
  jeweler (~> 1.6.4)
  json
  reek (~> 1.2.8)
  rest-client
  turn
  vcr
  webmock
